GEM
  remote: https://rubygems.org/
  specs:
    ast (2.3.0)
    byebug (9.0.6)
    coderay (1.1.1)
    hiredis (0.6.1)
    method_source (0.8.2)
    minitest (5.10.2)
    parallel (1.11.2)
    parser (2.4.0.0)
      ast (~> 2.2)
    powerpack (0.1.1)
    pry (0.10.4)
      coderay (~> 1.1.0)
      method_source (~> 0.8.1)
      slop (~> 3.4)
    pry-byebug (3.4.2)
      byebug (~> 9.0)
      pry (~> 0.10)
    puma (3.9.1)
    rack (2.0.3)
    rack-app (7.0.0)
      rack
    rainbow (2.2.2)
      rake
    rake (12.0.0)
    redis (3.3.3)
    rubocop (0.49.1)
      parallel (~> 1.10)
      parser (>= 2.3.3.1, < 3.0)
      powerpack (~> 0.1)
      rainbow (>= 1.99.1, < 3.0)
      ruby-progressbar (~> 1.7)
      unicode-display_width (~> 1.0, >= 1.0.1)
    ruby-progressbar (1.8.1)
    shotgun (0.9.2)
      rack (>= 1.0)
    slop (3.6.0)
    unicode-display_width (1.3.0)

PLATFORMS
  ruby

DEPENDENCIES
  hiredis
  minitest
  pry-byebug
  puma
  rack
  rack-app
  redis
  rubocop
  shotgun

RUBY VERSION
   ruby 2.4.1p111

BUNDLED WITH
   1.15.1
